PATH
  remote: ../..
  specs:
    aspekt (1.0.0)
      bundler (>= 1.3.0, < 2.0)

GEM
  specs:
    diff-lcs (1.2.5)
    rspec (2.14.1)
      rspec-core (~> 2.14.0)
      rspec-expectations (~> 2.14.0)
      rspec-mocks (~> 2.14.0)
    rspec-core (2.14.7)
    rspec-expectations (2.14.3)
      diff-lcs (>= 1.1.3, < 2.0)
    rspec-mocks (2.14.4)

PLATFORMS
  ruby

DEPENDENCIES
  aspekt!
  rspec
